PATH
  remote: .
  specs:
    ruby-pomodoro (0.3.4)
      aasm (~> 5)
      pastel (~> 0.8)
      terminal-notifier
      tty-cursor (~> 0.6)
      tty-editor (~> 0.7)

GEM
  remote: https://rubygems.org/
  specs:
    aasm (5.2.0)
      concurrent-ruby (~> 1.0)
    concurrent-ruby (1.1.9)
    debug (1.3.4)
      irb (>= 1.3.6)
      reline (>= 0.2.7)
    diff-lcs (1.4.4)
    io-console (0.5.9)
    irb (1.3.7)
      reline (>= 0.2.7)
    pastel (0.8.0)
      tty-color (~> 0.5)
    rake (12.3.3)
    reline (0.2.7)
      io-console (~> 0.5)
    rspec (3.10.0)
      rspec-core (~> 3.10.0)
      rspec-expectations (~> 3.10.0)
      rspec-mocks (~> 3.10.0)
    rspec-core (3.10.1)
      rspec-support (~> 3.10.0)
    rspec-expectations (3.10.1)
      diff-lcs (>= 1.2.0, < 2.0)
      rspec-support (~> 3.10.0)
    rspec-mocks (3.10.2)
      diff-lcs (>= 1.2.0, < 2.0)
      rspec-support (~> 3.10.0)
    rspec-support (3.10.3)
    terminal-notifier (2.0.0)
    tty-color (0.6.0)
    tty-cursor (0.7.1)
    tty-editor (0.7.0)
      tty-prompt (~> 0.22)
    tty-prompt (0.23.1)
      pastel (~> 0.8)
      tty-reader (~> 0.8)
    tty-reader (0.9.0)
      tty-cursor (~> 0.7)
      tty-screen (~> 0.8)
      wisper (~> 2.0)
    tty-screen (0.8.1)
    wisper (2.0.1)

PLATFORMS
  ruby

DEPENDENCIES
  debug (>= 1.0.0)
  rake (~> 12.0)
  rspec (~> 3.0)
  ruby-pomodoro!

BUNDLED WITH
   2.2.22
